GEM
  remote: http://rubygems.org/
  specs:
    lumberjack (1.0.2)
    lumberjack_syslog_device (1.0.0)
      lumberjack (~> 1.0)
    nokogiri (1.5.3)
    nokogiri-happymapper (0.5.1)
      nokogiri (~> 1.4)
    require_all (1.2.1)
    sequel (3.37.0)
    sqlite3 (1.3.6)
    test-unit (2.4.7)

PLATFORMS
  ruby

DEPENDENCIES
  lumberjack
  lumberjack_syslog_device
  nokogiri-happymapper
  require_all
  sequel
  sqlite3
  test-unit
