GEM
  remote: http://rubygems.org/
  specs:
    lumberjack (1.0.2)
    lumberjack_syslog_device (1.0.0)
      lumberjack (~> 1.0)
    nokogiri (1.5.3)

PLATFORMS
  ruby

DEPENDENCIES
  lumberjack
  lumberjack_syslog_device
  nokogiri
