GEM
  remote: http://rubygems.org/
  specs:
    lumberjack (1.0.2)
    nokogiri (1.5.3)

PLATFORMS
  ruby

DEPENDENCIES
  lumberjack
  nokogiri
